PATH
  remote: .
  specs:
    synapses-validators (0.1.0)

GEM
  remote: http://rubygems.org/
  specs:

PLATFORMS
  ruby

DEPENDENCIES
  synapses-validators!
